PATH
  remote: .
  specs:
    templater (0.1.0)
      irb (~> 1.15, >= 1.15.2)
      tty-prompt (~> 0.23)

GEM
  remote: https://rubygems.org/
  specs:
    date (3.4.1)
    diff-lcs (1.6.2)
    erb (5.0.2)
    io-console (0.8.1)
    irb (1.15.2)
      pp (>= 0.6.0)
      rdoc (>= 4.0.0)
      reline (>= 0.4.2)
    pastel (0.8.0)
      tty-color (~> 0.5)
    pp (0.6.3)
      prettyprint
    prettyprint (0.2.0)
    psych (5.2.6)
      date
      stringio
    rake (13.3.0)
    rdoc (6.15.0)
      erb
      psych (>= 4.0.0)
      tsort
    reline (0.6.2)
      io-console (~> 0.5)
    rspec (3.13.1)
      rspec-core (~> 3.13.0)
      rspec-expectations (~> 3.13.0)
      rspec-mocks (~> 3.13.0)
    rspec-core (3.13.5)
      rspec-support (~> 3.13.0)
    rspec-expectations (3.13.5)
      diff-lcs (>= 1.2.0, < 2.0)
      rspec-support (~> 3.13.0)
    rspec-mocks (3.13.5)
      diff-lcs (>= 1.2.0, < 2.0)
      rspec-support (~> 3.13.0)
    rspec-support (3.13.6)
    stringio (3.1.7)
    tsort (0.2.0)
    tty-color (0.6.0)
    tty-cursor (0.7.1)
    tty-prompt (0.23.1)
      pastel (~> 0.8)
      tty-reader (~> 0.8)
    tty-reader (0.9.0)
      tty-cursor (~> 0.7)
      tty-screen (~> 0.8)
      wisper (~> 2.0)
    tty-screen (0.8.2)
    wisper (2.0.1)

PLATFORMS
  ruby
  x64-mingw-ucrt
  x86_64-linux

DEPENDENCIES
  rake (~> 13.3)
  rspec (~> 3.13)
  templater!

BUNDLED WITH
   2.7.2
